GIT
  remote: https://github.com/AppCamps/thredded.git
  revision: 549ed5f862c0da0bd894a864f523e95cf65ebff5
  branch: german-locales
  specs:
    thredded (0.13.8)
      active_record_union (>= 1.2.0)
      autoprefixer-rails
      db_text_search (~> 0.2.0)
      friendly_id
      gemoji (~> 2.1.0)
      html-pipeline
      htmlentities
      inline_svg
      kaminari
      kramdown
      nokogiri
      onebox (~> 1.8, >= 1.8.13)
      pundit (>= 1.1.0)
      rails (>= 4.2.0)
      rb-gravatar
      rinku
      sanitize
      sass (>= 3.4.21)
      sprockets-es6
      timeago_js

GIT
  remote: https://github.com/thoughtbot/shoulda-matchers.git
  revision: 4b160bd19ecca7f97d7ac22dccd5fde9b0da5a9f
  branch: rails-5
  specs:
    shoulda-matchers (3.1.2)
      activesupport (>= 4.2.0)

GEM
  remote: https://rubygems.org/
  specs:
    actioncable (5.1.7)
      actionpack (= 5.1.7)
      nio4r (~> 2.0)
      websocket-driver (~> 0.6.1)
    actionmailer (5.1.7)
      actionpack (= 5.1.7)
      actionview (= 5.1.7)
      activejob (= 5.1.7)
      mail (~> 2.5, >= 2.5.4)
      rails-dom-testing (~> 2.0)
    actionpack (5.1.7)
      actionview (= 5.1.7)
      activesupport (= 5.1.7)
      rack (~> 2.0)
      rack-test (>= 0.6.3)
      rails-dom-testing (~> 2.0)
      rails-html-sanitizer (~> 1.0, >= 1.0.2)
    actionview (5.1.7)
      activesupport (= 5.1.7)
      builder (~> 3.1)
      erubi (~> 1.4)
      rails-dom-testing (~> 2.0)
      rails-html-sanitizer (~> 1.0, >= 1.0.3)
    active_model_serializers (0.10.12)
      actionpack (>= 4.1, < 6.2)
      activemodel (>= 4.1, < 6.2)
      case_transform (>= 0.2)
      jsonapi-renderer (>= 0.1.1.beta1, < 0.3)
    active_record_union (1.3.0)
      activerecord (>= 4.0)
    activejob (5.1.7)
      activesupport (= 5.1.7)
      globalid (>= 0.3.6)
    activemodel (5.1.7)
      activesupport (= 5.1.7)
    activemodel-serializers-xml (1.0.2)
      activemodel (> 5.x)
      activesupport (> 5.x)
      builder (~> 3.1)
    activerecord (5.1.7)
      activemodel (= 5.1.7)
      activesupport (= 5.1.7)
      arel (~> 8.0)
    activesupport (5.1.7)
      concurrent-ruby (~> 1.0, >= 1.0.2)
      i18n (>= 0.7, < 2)
      minitest (~> 5.1)
      tzinfo (~> 1.1)
    addressable (2.7.0)
      public_suffix (>= 2.0.2, < 5.0)
    arel (8.0.0)
    ast (2.4.2)
    autoprefixer-rails (10.2.4.0)
      execjs
    aws-eventstream (1.1.0)
    aws-partitions (1.425.0)
    aws-sdk-core (3.112.0)
      aws-eventstream (~> 1, >= 1.0.2)
      aws-partitions (~> 1, >= 1.239.0)
      aws-sigv4 (~> 1.1)
      jmespath (~> 1.0)
    aws-sdk-kms (1.42.0)
      aws-sdk-core (~> 3, >= 3.112.0)
      aws-sigv4 (~> 1.1)
    aws-sdk-s3 (1.88.0)
      aws-sdk-core (~> 3, >= 3.112.0)
      aws-sdk-kms (~> 1)
      aws-sigv4 (~> 1.1)
    aws-sigv4 (1.2.2)
      aws-eventstream (~> 1, >= 1.0.2)
    babel-source (5.8.35)
    babel-transpiler (0.7.0)
      babel-source (>= 4.0, < 6)
      execjs (~> 2.0)
    bcrypt (3.1.16)
    better_errors (2.9.1)
      coderay (>= 1.0.0)
      erubi (>= 1.0.0)
      rack (>= 0.9.0)
    binding_of_caller (1.0.0)
      debug_inspector (>= 0.0.1)
    blazer (2.4.2)
      activerecord (>= 5)
      chartkick (>= 3.2)
      railties (>= 5)
      safely_block (>= 0.1.1)
    bootstrap-sass (3.4.1)
      autoprefixer-rails (>= 5.2.1)
      sassc (>= 2.0.0)
    bootstrap-wysihtml5-rails (0.3.3.8)
      railties (>= 3.0)
    builder (3.2.4)
    bundler-audit (0.7.0.1)
      bundler (>= 1.2.0, < 3)
      thor (>= 0.18, < 2)
    byebug (11.1.3)
    capybara (3.35.3)
      addressable
      mini_mime (>= 0.1.3)
      nokogiri (~> 1.8)
      rack (>= 1.6.0)
      rack-test (>= 0.6.3)
      regexp_parser (>= 1.5, < 3.0)
      xpath (~> 3.2)
    case_transform (0.2)
      activesupport
    chartkick (3.4.2)
    coderay (1.1.3)
    concurrent-ruby (1.1.8)
    content_disposition (1.0.0)
    countries (3.0.1)
      i18n_data (~> 0.10.0)
      sixarm_ruby_unaccent (~> 1.1)
      unicode_utils (~> 1.4)
    crack (0.4.5)
      rexml
    crass (1.0.6)
    dalli (2.7.11)
    database_cleaner (2.0.1)
      database_cleaner-active_record (~> 2.0.0)
    database_cleaner-active_record (2.0.0)
      activerecord (>= 5.a)
      database_cleaner-core (~> 2.0.0)
    database_cleaner-core (2.0.1)
    db_text_search (0.2.2)
      activerecord (>= 4.1.15, < 6.0)
    debug_inspector (1.0.0)
    devise (4.7.3)
      bcrypt (~> 3.0)
      orm_adapter (~> 0.1)
      railties (>= 4.1.0)
      responders
      warden (~> 1.2.3)
    diff-lcs (1.4.4)
    docile (1.3.5)
    dotenv (2.7.6)
    dotenv-rails (2.7.6)
      dotenv (= 2.7.6)
      railties (>= 3.2)
    down (5.2.0)
      addressable (~> 2.5)
    errbase (0.2.1)
    erubi (1.10.0)
    erubis (2.7.0)
    excon (0.79.0)
    execjs (2.7.0)
    factory_girl (4.9.0)
      activesupport (>= 3.0.0)
    factory_girl_rails (4.9.0)
      factory_girl (~> 4.9.0)
      railties (>= 3.0.0)
    faker (2.2.1)
      i18n (>= 0.8)
    faraday (1.3.0)
      faraday-net_http (~> 1.0)
      multipart-post (>= 1.2, < 3)
      ruby2_keywords
    faraday-net_http (1.0.1)
    ffi (1.14.2)
    font-awesome-sass (5.15.1)
      sassc (>= 1.11)
    friendly_id (5.4.2)
      activerecord (>= 4.0.0)
    gemoji (2.1.0)
    gibbon (3.3.4)
      faraday (>= 0.16.0)
      multi_json (>= 1.11.0)
    globalid (0.4.2)
      activesupport (>= 4.2.0)
    haml (5.2.1)
      temple (>= 0.8.0)
      tilt
    hashdiff (1.0.1)
    html-pipeline (2.14.0)
      activesupport (>= 2)
      nokogiri (>= 1.4)
    htmlentities (4.3.4)
    i18n (0.9.5)
      concurrent-ruby (~> 1.0)
    i18n_data (0.10.0)
    inline_svg (1.7.2)
      activesupport (>= 3.0)
      nokogiri (>= 1.6)
    jmespath (1.4.0)
    jquery-rails (4.4.0)
      rails-dom-testing (>= 1, < 3)
      railties (>= 4.2.0)
      thor (>= 0.14, < 2.0)
    jquery-ui-rails (6.0.1)
      railties (>= 3.2.16)
    json (2.5.1)
    jsonapi-parser (0.1.1)
    jsonapi-renderer (0.2.2)
    kaminari (1.2.1)
      activesupport (>= 4.1.0)
      kaminari-actionview (= 1.2.1)
      kaminari-activerecord (= 1.2.1)
      kaminari-core (= 1.2.1)
    kaminari-actionview (1.2.1)
      actionview
      kaminari-core (= 1.2.1)
    kaminari-activerecord (1.2.1)
      activerecord
      kaminari-core (= 1.2.1)
    kaminari-core (1.2.1)
    kaminari-i18n (0.5.0)
      kaminari
      rails
    kramdown (2.3.0)
      rexml
    kramdown-syntax-coderay (1.0.1)
      coderay (~> 1.1)
      kramdown (~> 2.0)
    lograge (0.11.2)
      actionpack (>= 4)
      activesupport (>= 4)
      railties (>= 4)
      request_store (~> 1.0)
    loofah (2.9.0)
      crass (~> 1.0.2)
      nokogiri (>= 1.5.9)
    mail (2.7.1)
      mini_mime (>= 0.1.1)
    mandrill_mailer (1.7.1)
      actionpack
      activejob
      activesupport
      mandrillus (~> 2.0.0)
    mandrillus (2.0.0)
      excon (>= 0.16.0, < 1.0)
      json (>= 1.7.7, < 3.0)
    method_source (1.0.0)
    migration_data (0.6.0)
    mini_mime (1.0.2)
    mini_portile2 (2.5.0)
    minitest (5.14.3)
    multi_json (1.15.0)
    multipart-post (2.1.1)
    mustache (1.1.1)
    mysql2 (0.4.10)
    nested_form (0.3.2)
    nio4r (2.5.5)
    nokogiri (1.11.1)
      mini_portile2 (~> 2.5.0)
      racc (~> 1.4)
    nokogumbo (2.0.4)
      nokogiri (~> 1.8, >= 1.8.4)
    onebox (1.9.30)
      addressable (~> 2.7.0)
      htmlentities (~> 4.3)
      multi_json (~> 1.11)
      mustache
      nokogiri (~> 1.7)
      sanitize
    orm_adapter (0.5.0)
    parallel (1.20.1)
    parser (3.0.0.0)
      ast (~> 2.4.1)
    passenger (6.0.7)
      rack
      rake (>= 0.8.1)
    pg (1.2.3)
    pry (0.14.0)
      coderay (~> 1.1)
      method_source (~> 1.0)
    pry-remote (0.1.8)
      pry (~> 0.9)
      slop (~> 3.0)
    public_suffix (4.0.6)
    puma (5.2.1)
      nio4r (~> 2.0)
    pundit (2.1.0)
      activesupport (>= 3.0.0)
    racc (1.5.2)
    rack (2.2.3)
    rack-attack (6.5.0)
      rack (>= 1.0, < 3)
    rack-pjax (1.1.0)
      nokogiri (~> 1.5)
      rack (>= 1.1)
    rack-test (1.1.0)
      rack (>= 1.0, < 3)
    rails (5.1.7)
      actioncable (= 5.1.7)
      actionmailer (= 5.1.7)
      actionpack (= 5.1.7)
      actionview (= 5.1.7)
      activejob (= 5.1.7)
      activemodel (= 5.1.7)
      activerecord (= 5.1.7)
      activesupport (= 5.1.7)
      bundler (>= 1.3.0)
      railties (= 5.1.7)
      sprockets-rails (>= 2.0.0)
    rails-dom-testing (2.0.3)
      activesupport (>= 4.2.0)
      nokogiri (>= 1.6)
    rails-html-sanitizer (1.3.0)
      loofah (~> 2.3)
    rails-i18n (5.0.4)
      i18n (~> 0.7)
      railties (~> 5.0)
    rails_12factor (0.0.3)
      rails_serve_static_assets
      rails_stdout_logging
    rails_admin (2.0.2)
      activemodel-serializers-xml (>= 1.0)
      builder (~> 3.1)
      haml (>= 4.0, < 6)
      jquery-rails (>= 3.0, < 5)
      jquery-ui-rails (>= 5.0, < 7)
      kaminari (>= 0.14, < 2.0)
      nested_form (~> 0.3)
      rack-pjax (>= 0.7)
      rails (>= 5.0, < 7)
      remotipart (~> 1.3)
      sassc-rails (>= 1.3, < 3)
    rails_admin-i18n (1.16.0)
    rails_serve_static_assets (0.0.5)
    rails_stdout_logging (0.0.5)
    railties (5.1.7)
      actionpack (= 5.1.7)
      activesupport (= 5.1.7)
      method_source
      rake (>= 0.8.7)
      thor (>= 0.18.1, < 2.0)
    rainbow (3.0.0)
    rake (13.0.3)
    rb-fsevent (0.10.4)
    rb-gravatar (1.0.6)
    rb-inotify (0.10.1)
      ffi (~> 1.0)
    regexp_parser (2.0.3)
    remotipart (1.4.4)
    request_store (1.5.0)
      rack (>= 1.4)
    responders (3.0.1)
      actionpack (>= 5.0)
      railties (>= 5.0)
    rexml (3.2.4)
    rinku (2.0.6)
    rollbar (3.1.1)
    rspec-collection_matchers (1.2.0)
      rspec-expectations (>= 2.99.0.beta1)
    rspec-core (3.10.1)
      rspec-support (~> 3.10.0)
    rspec-expectations (3.10.1)
      diff-lcs (>= 1.2.0, < 2.0)
      rspec-support (~> 3.10.0)
    rspec-mocks (3.10.2)
      diff-lcs (>= 1.2.0, < 2.0)
      rspec-support (~> 3.10.0)
    rspec-rails (4.0.2)
      actionpack (>= 4.2)
      activesupport (>= 4.2)
      railties (>= 4.2)
      rspec-core (~> 3.10)
      rspec-expectations (~> 3.10)
      rspec-mocks (~> 3.10)
      rspec-support (~> 3.10)
    rspec-support (3.10.2)
    rubocop (1.9.1)
      parallel (~> 1.10)
      parser (>= 3.0.0.0)
      rainbow (>= 2.2.2, < 4.0)
      regexp_parser (>= 1.8, < 3.0)
      rexml
      rubocop-ast (>= 1.2.0, < 2.0)
      ruby-progressbar (~> 1.7)
      unicode-display_width (>= 1.4.0, < 3.0)
    rubocop-ast (1.4.1)
      parser (>= 2.7.1.5)
    rubocop-packaging (0.5.1)
      rubocop (>= 0.89, < 2.0)
    rubocop-performance (1.9.2)
      rubocop (>= 0.90.0, < 2.0)
      rubocop-ast (>= 0.4.0)
    rubocop-rails (2.9.1)
      activesupport (>= 4.2.0)
      rack (>= 1.1)
      rubocop (>= 0.90.0, < 2.0)
    rubocop-rails_config (1.2.2)
      railties (>= 5.0)
      rubocop (>= 1.0)
      rubocop-ast (>= 1.0.1)
      rubocop-packaging (~> 0.5)
      rubocop-performance (~> 1.3)
      rubocop-rails (~> 2.0)
    rubocop-rspec (2.2.0)
      rubocop (~> 1.0)
      rubocop-ast (>= 1.1.0)
    ruby-progressbar (1.11.0)
    ruby2_keywords (0.0.4)
    safely_block (0.3.0)
      errbase (>= 0.1.1)
    sanitize (5.2.3)
      crass (~> 1.0.2)
      nokogiri (>= 1.8.0)
      nokogumbo (~> 2.0)
    sass (3.7.4)
      sass-listen (~> 4.0.0)
    sass-listen (4.0.0)
      rb-fsevent (~> 0.9, >= 0.9.4)
      rb-inotify (~> 0.9, >= 0.9.7)
    sass-rails (6.0.0)
      sassc-rails (~> 2.1, >= 2.1.1)
    sassc (2.4.0)
      ffi (~> 1.9)
    sassc-rails (2.1.2)
      railties (>= 4.0.0)
      sassc (>= 2.0)
      sprockets (> 3.0)
      sprockets-rails
      tilt
    scout_apm (4.0.3)
      parser
    shrine (3.3.0)
      content_disposition (~> 1.0)
      down (~> 5.1)
    simplecov (0.21.2)
      docile (~> 1.1)
      simplecov-html (~> 0.11)
      simplecov_json_formatter (~> 0.1)
    simplecov-html (0.12.3)
    simplecov_json_formatter (0.1.2)
    sixarm_ruby_unaccent (1.2.0)
    slop (3.6.0)
    sprockets (4.0.2)
      concurrent-ruby (~> 1.0)
      rack (> 1, < 3)
    sprockets-es6 (0.9.2)
      babel-source (>= 5.8.11)
      babel-transpiler
      sprockets (>= 3.0.0)
    sprockets-rails (3.2.2)
      actionpack (>= 4.0)
      activesupport (>= 4.0)
      sprockets (>= 3.0.0)
    sucker_punch (2.1.2)
      concurrent-ruby (~> 1.0)
    temple (0.8.2)
    thor (1.1.0)
    thread_safe (0.3.6)
    thredded-markdown_coderay (0.2.0)
      coderay
      kramdown-syntax-coderay
    tilt (2.0.10)
    timeago_js (3.0.2.2)
    timecop (0.9.3)
    tzinfo (1.2.9)
      thread_safe (~> 0.1)
    uglifier (4.2.0)
      execjs (>= 0.3.0, < 3)
    unicode-display_width (2.0.0)
    unicode_utils (1.4.0)
    warden (1.2.9)
      rack (>= 2.0.9)
    webmock (3.11.2)
      addressable (>= 2.3.6)
      crack (>= 0.3.2)
      hashdiff (>= 0.4.0, < 2.0.0)
    websocket-driver (0.6.5)
      websocket-extensions (>= 0.1.0)
    websocket-extensions (0.1.5)
    xpath (3.2.0)
      nokogiri (~> 1.8)

PLATFORMS
  ruby

DEPENDENCIES
  active_model_serializers
  aws-sdk-s3
  better_errors
  binding_of_caller
  blazer
  bootstrap-sass
  bootstrap-wysihtml5-rails (> 0.3.1.24)
  bundler-audit
  byebug
  capybara (>= 2.4.0)
  countries
  dalli
  database_cleaner
  devise
  dotenv-rails
  erubis
  factory_girl_rails
  faker
  font-awesome-sass
  gibbon
  jsonapi-parser
  kaminari-i18n
  lograge
  mandrill_mailer
  migration_data
  mysql2 (~> 0.4.10)
  passenger
  pg
  pry-remote
  puma
  rack-attack
  rails (~> 5.1.6)
  rails-i18n (~> 5.0.0)
  rails_12factor
  rails_admin
  rails_admin-i18n
  rollbar
  rspec-collection_matchers
  rspec-rails
  rubocop-rails_config
  rubocop-rspec
  sass-rails
  scout_apm
  shoulda-matchers!
  shrine
  simplecov
  sucker_punch
  thredded!
  thredded-markdown_coderay
  timecop
  uglifier
  webmock

RUBY VERSION
   ruby 2.5.8p224

BUNDLED WITH
   2.2.9
